PATH
  remote: .
  specs:
    quantile_estimator (0.0.1)

GEM
  remote: https://rubygems.org/
  specs:
    rake (13.0.6)

PLATFORMS
  ruby

DEPENDENCIES
  bundler (~> 1.3)
  quantile_estimator!
  rake
